GEM
  remote: https://rubygems.org/
  specs:
    bencode (0.8.2)
    daemons (1.2.4)
    mustermann (1.0.0)
    rack (2.0.3)
    rack-protection (2.0.0)
      rack
    sinatra (2.0.0)
      mustermann (~> 1.0)
      rack (~> 2.0)
      rack-protection (= 2.0.0)
      tilt (~> 2.0)
    tilt (2.0.7)

PLATFORMS
  ruby

DEPENDENCIES
  bencode
  daemons
  sinatra

BUNDLED WITH
   1.14.6
