GEM
  remote: https://rubygems.org/
  specs:
    bencode (0.8.2)
    daemons (1.2.2)
    rack (1.6.0)
    rack-protection (1.5.3)
      rack
    sinatra (1.4.5)
      rack (~> 1.4)
      rack-protection (~> 1.4)
      tilt (~> 1.3, >= 1.3.4)
    tilt (1.4.1)

PLATFORMS
  ruby

DEPENDENCIES
  bencode
  daemons
  sinatra
